RESTRICTION: == net6.0
NUGET
  remote: https://api.nuget.org/v3/index.json
    CommandLineParser (2.9.1)
    FSharp.Core (4.7)
    Microsoft.Extensions.Logging.Abstractions (6.0.3)
    Newtonsoft.Json (13.0.3)
    SharpX (6.0.2)
      FSharp.Core (4.7)

GROUP specs
RESTRICTION: == net6.0
NUGET
  remote: https://www.nuget.org/api/v2
    coverlet.collector (3.2)
    FluentAssertions (6.10)
      System.Configuration.ConfigurationManager (>= 4.4)
    FSharp.Core (4.7)
    Microsoft.CodeCoverage (17.5)
    Microsoft.NET.Test.Sdk (17.5)
      Microsoft.CodeCoverage (>= 17.5)
      Microsoft.TestPlatform.TestHost (>= 17.5)
    Microsoft.NETCore.Platforms (6.0)
    Microsoft.TestPlatform.ObjectModel (17.5)
      NuGet.Frameworks (>= 5.11)
      System.Reflection.Metadata (>= 1.6)
    Microsoft.TestPlatform.TestHost (17.5)
      Microsoft.TestPlatform.ObjectModel (>= 17.5)
      Newtonsoft.Json (>= 13.0.1)
    Microsoft.Win32.SystemEvents (6.0)
    NETStandard.Library (2.0.3)
      Microsoft.NETCore.Platforms (>= 1.1)
    Newtonsoft.Json (13.0.1)
    NuGet.Frameworks (6.0)
    SharpX (6.0.2)
      FSharp.Core (4.7)
    System.Collections.Immutable (6.0)
      System.Runtime.CompilerServices.Unsafe (>= 6.0)
    System.Configuration.ConfigurationManager (6.0)
      System.Security.Cryptography.ProtectedData (>= 6.0)
      System.Security.Permissions (>= 6.0)
    System.Drawing.Common (6.0)
      Microsoft.Win32.SystemEvents (>= 6.0)
    System.Reflection.Metadata (6.0)
      System.Collections.Immutable (>= 6.0)
    System.Runtime.CompilerServices.Unsafe (6.0)
    System.Security.AccessControl (6.0)
    System.Security.Cryptography.ProtectedData (6.0)
    System.Security.Permissions (6.0)
      System.Security.AccessControl (>= 6.0)
      System.Windows.Extensions (>= 6.0)
    System.Windows.Extensions (6.0)
      System.Drawing.Common (>= 6.0)
    xunit (2.4.2)
      xunit.analyzers (>= 1.0)
      xunit.assert (>= 2.4.2)
      xunit.core (2.4.2)
    xunit.abstractions (2.0.3)
    xunit.analyzers (1.1)
    xunit.assert (2.4.2)
      NETStandard.Library (>= 1.6.1)
    xunit.core (2.4.2)
      xunit.extensibility.core (2.4.2)
      xunit.extensibility.execution (2.4.2)
    xunit.extensibility.core (2.4.2)
      NETStandard.Library (>= 1.6.1)
      xunit.abstractions (>= 2.0.3)
    xunit.extensibility.execution (2.4.2)
      NETStandard.Library (>= 1.6.1)
      xunit.extensibility.core (2.4.2)
    xunit.runner.visualstudio (2.4.5)
